GEM
  remote: https://rubygems.org/
  specs:
    adsf (1.2.0)
      rack (>= 1.0.0)
    allison (2.0.3)
    builder (3.2.2)
    celluloid (0.16.0)
      timers (~> 4.0.0)
    coderay (1.0.9)
    colored (1.2)
    cri (2.6.1)
      colored (>= 1.2)
    echoe (4.6.6)
      allison (>= 2.0.3)
      rake (>= 0.9.2)
      rdoc (>= 2.5.11)
      rubyforge (>= 2.0.4)
    ffi (1.9.8)
    formatador (0.2.5)
    guard (2.12.5)
      formatador (>= 0.2.4)
      listen (~> 2.7)
      lumberjack (~> 1.0)
      nenv (~> 0.1)
      notiffany (~> 0.0)
      pry (>= 0.9.12)
      shellany (~> 0.0)
      thor (>= 0.18.1)
    guard-nanoc (1.0.3)
      guard (~> 2.8)
      nanoc (~> 3.6)
    hitimes (1.2.2)
    json_pure (2.0.3)
    kramdown (1.5.0)
    listen (2.10.0)
      celluloid (~> 0.16.0)
      rb-fsevent (>= 0.9.3)
      rb-inotify (>= 0.9)
    lumberjack (1.0.9)
    method_source (0.8.2)
    mime-types (2.4.3)
    mini_portile2 (2.0.0)
    nanoc (3.7.5)
      cri (~> 2.3)
    nenv (0.2.0)
    nokogiri (1.6.7.2)
      mini_portile2 (~> 2.0.0.rc2)
    notiffany (0.0.6)
      nenv (~> 0.1)
      shellany (~> 0.0)
    posix-spawn (0.3.9)
    pry (0.9.12.6)
      coderay (~> 1.0)
      method_source (~> 0.8)
      slop (~> 3.4)
    pygments.rb (0.6.0)
      posix-spawn (~> 0.3.6)
      yajl-ruby (~> 1.3.0)
    rack (1.5.2)
    rainpress (1.0)
      echoe
    rake (12.0.0)
    rb-fsevent (0.9.4)
    rb-inotify (0.9.5)
      ffi (>= 0.5.0)
    rdoc (5.0.0)
    rubyforge (2.0.4)
      json_pure (>= 1.1.7)
    shellany (0.0.1)
    slop (3.6.0)
    stringex (2.5.2)
    thor (0.19.1)
    timers (4.0.1)
      hitimes
    yajl-ruby (1.3.0)

PLATFORMS
  ruby

DEPENDENCIES
  adsf
  builder
  coderay
  guard-nanoc
  kramdown
  mime-types
  nanoc
  nokogiri
  pygments.rb
  rainpress
  stringex

BUNDLED WITH
   1.13.7
