GEM
  remote: https://rubygems.org/
  specs:
    adsf (1.1.1)
      rack (>= 1.0.0)
    builder (3.2.0)
    coderay (1.0.9)
    colored (1.2)
    cri (2.3.0)
      colored (>= 1.2)
    kramdown (1.0.1)
    mime-types (1.21)
    nanoc (3.6.1)
      cri (~> 2.3)
    nokogiri (1.5.2)
    posix-spawn (0.3.6)
    pygments.rb (0.4.2)
      posix-spawn (~> 0.3.6)
      yajl-ruby (~> 1.1.0)
    rack (1.5.2)
    stringex (2.5.2)
    yajl-ruby (1.1.0)

PLATFORMS
  ruby

DEPENDENCIES
  adsf
  builder
  coderay
  kramdown
  mime-types
  nanoc
  nokogiri (= 1.5.2)
  pygments.rb
  stringex
